PATH
  remote: .
  specs:
    dbmon (0.1.0)
      ruby-pg-extras

GEM
  remote: https://rubygems.org/
  specs:
    diff-lcs (1.3)
    pg (1.2.3)
    rake (10.5.0)
    rspec (3.9.0)
      rspec-core (~> 3.9.0)
      rspec-expectations (~> 3.9.0)
      rspec-mocks (~> 3.9.0)
    rspec-core (3.9.2)
      rspec-support (~> 3.9.3)
    rspec-expectations (3.9.2)
      diff-lcs (>= 1.2.0, < 2.0)
      rspec-support (~> 3.9.0)
    rspec-mocks (3.9.1)
      diff-lcs (>= 1.2.0, < 2.0)
      rspec-support (~> 3.9.0)
    rspec-support (3.9.3)
    ruby-pg-extras (1.2.1)
      pg
      terminal-table
    terminal-table (1.8.0)
      unicode-display_width (~> 1.1, >= 1.1.1)
    unicode-display_width (1.7.0)

PLATFORMS
  ruby

DEPENDENCIES
  bundler (~> 2.0)
  dbmon!
  rake (~> 10.0)
  rspec (~> 3.0)
  ruby-pg-extras

BUNDLED WITH
   2.0.2
